GEM
  remote: https://rubygems.org/
  specs:
    icalendar (1.2.1)
    nokogiri (1.5.5)

PLATFORMS
  ruby

DEPENDENCIES
  icalendar
  nokogiri
